GIT
  remote: http://gitlab.aicrowd.com/aicrowd/evaluations-api-clients.git
  revision: e4aa8d4a90505b12b98c86ebb84ea311c22ba5e4
  branch: rails
  glob: ruby/*.gemspec
  specs:
    aicrowd_evaluations (0.0.1)
      json (~> 1.8.6, >= 1.8)
      typhoeus (~> 1.0, >= 1.0.1)

GIT
  remote: https://github.com/crowdAI/pundit-matchers
  revision: 4cd01555ee0c04c66f02f35d6f8bb4c046b533a0
  specs:
    pundit-matchers (1.2.3)
      pundit (~> 1.1, >= 1.1.0)
      rspec-rails (>= 3.0.0)

GEM
  remote: https://rails-assets.org/
  specs:
    rails-assets-blueimp-canvas-to-blob (3.15.0)
    rails-assets-blueimp-load-image (2.23.0)
    rails-assets-blueimp-tmpl (3.12.0)
    rails-assets-isInViewport (3.0.4)
    rails-assets-jQuery-File-Upload (9.28.0)
      rails-assets-blueimp-canvas-to-blob (>= 2.1.1)
      rails-assets-blueimp-load-image (>= 1.13.0)
      rails-assets-blueimp-tmpl (>= 2.5.4)
      rails-assets-jquery (>= 1.6)
    rails-assets-jquery (3.4.1)

GEM
  remote: https://rubygems.org/
  specs:
    CFPropertyList (2.3.6)
    ace-rails-ap (4.3)
    actioncable (5.2.2.1)
      actionpack (= 5.2.2.1)
      nio4r (~> 2.0)
      websocket-driver (>= 0.6.1)
    actionmailer (5.2.2.1)
      actionpack (= 5.2.2.1)
      actionview (= 5.2.2.1)
      activejob (= 5.2.2.1)
      mail (~> 2.5, >= 2.5.4)
      rails-dom-testing (~> 2.0)
    actionpack (5.2.2.1)
      actionview (= 5.2.2.1)
      activesupport (= 5.2.2.1)
      rack (~> 2.0)
      rack-test (>= 0.6.3)
      rails-dom-testing (~> 2.0)
      rails-html-sanitizer (~> 1.0, >= 1.0.2)
    actionview (5.2.2.1)
      activesupport (= 5.2.2.1)
      builder (~> 3.1)
      erubi (~> 1.4)
      rails-dom-testing (~> 2.0)
      rails-html-sanitizer (~> 1.0, >= 1.0.3)
    active_model_serializers (0.10.8)
      actionpack (>= 4.1, < 6)
      activemodel (>= 4.1, < 6)
      case_transform (>= 0.2)
      jsonapi-renderer (>= 0.1.1.beta1, < 0.3)
    activeadmin (1.4.3)
      arbre (>= 1.1.1)
      coffee-rails
      formtastic (~> 3.1)
      formtastic_i18n
      inherited_resources (>= 1.9.0)
      jquery-rails (>= 4.2.0)
      kaminari (>= 0.15)
      railties (>= 4.2, < 5.3)
      ransack (>= 1.8.7)
      sass (~> 3.1)
      sprockets (< 4.1)
    activeadmin-searchable_select (1.2.0)
      activeadmin (>= 1.x, < 3)
      jquery-rails (>= 3.0, < 5)
      select2-rails (~> 4.0)
    activejob (5.2.2.1)
      activesupport (= 5.2.2.1)
      globalid (>= 0.3.6)
    activemodel (5.2.2.1)
      activesupport (= 5.2.2.1)
    activerecord (5.2.2.1)
      activemodel (= 5.2.2.1)
      activesupport (= 5.2.2.1)
      arel (>= 9.0)
    activerecord-import (1.0.4)
      activerecord (>= 3.2)
    activestorage (5.2.2.1)
      actionpack (= 5.2.2.1)
      activerecord (= 5.2.2.1)
      marcel (~> 0.3.1)
    activesupport (5.2.2.1)
      concurrent-ruby (~> 1.0, >= 1.0.2)
      i18n (>= 0.7, < 2)
      minitest (~> 5.1)
      tzinfo (~> 1.1)
    addressable (2.7.0)
      public_suffix (>= 2.0.2, < 5.0)
    ahoy_matey (3.0.1)
      activesupport (>= 5)
      device_detector
      geocoder (>= 1.4.5)
      safely_block (>= 0.2.1)
    airbrake (11.0.1)
      airbrake-ruby (~> 5.1)
    airbrake-ruby (5.1.0)
      rbtree3 (~> 0.5)
    ambry (1.0.0)
    arbre (1.1.1)
      activesupport (>= 3.0.0)
    arel (9.0.0)
    ast (2.4.0)
    authtrail (0.1.3)
      activerecord (>= 4.2)
      geocoder
      railties (>= 4.2)
      warden
    autoprefixer-rails (9.7.6)
      execjs
    aws-sdk (2.11.190)
      aws-sdk-resources (= 2.11.190)
    aws-sdk-core (2.11.190)
      aws-sigv4 (~> 1.0)
      jmespath (~> 1.0)
    aws-sdk-resources (2.11.190)
      aws-sdk-core (= 2.11.190)
    aws-sigv4 (1.0.3)
    babel-source (5.8.35)
    babel-transpiler (0.7.0)
      babel-source (>= 4.0, < 6)
      execjs (~> 2.0)
    barnes (0.0.8)
      multi_json (~> 1)
      statsd-ruby (~> 1.1)
    bcrypt (3.1.13)
    benchmark-ips (2.7.2)
    bindex (0.5.0)
    binding.repl (3.0.0)
    blazer (2.2.1)
      activerecord (>= 5)
      chartkick (>= 3.2)
      railties (>= 5)
      safely_block (>= 0.1.1)
    bootstrap (4.3.1)
      autoprefixer-rails (>= 9.1.0)
      popper_js (>= 1.14.3, < 2)
      sassc-rails (>= 2.0.0)
    brakeman (4.3.1)
    browser (2.5.3)
    builder (3.2.4)
    bullet (6.1.4)
      activesupport (>= 3.0.0)
      uniform_notifier (~> 1.11)
    byebug (10.0.2)
    callsite (0.0.11)
    capybara (3.12.0)
      addressable
      mini_mime (>= 0.1.3)
      nokogiri (~> 1.8)
      rack (>= 1.6.0)
      rack-test (>= 0.6.3)
      regexp_parser (~> 1.2)
      xpath (~> 3.2)
    capybara-screenshot (1.0.22)
      capybara (>= 1.0, < 4)
      launchy
    carrierwave (2.1.1)
      activemodel (>= 5.0.0)
      activesupport (>= 5.0.0)
      addressable (~> 2.6)
      image_processing (~> 1.1)
      mimemagic (>= 0.3.0)
      mini_mime (>= 0.1.3)
      ssrf_filter (~> 1.0)
    carrierwave-imageoptimizer (1.5.0)
      carrierwave (>= 0.8, < 2.2)
      image_optimizer (~> 1.6)
    case_transform (0.2)
      activesupport
    cd (1.0.1)
    character_set (1.4.0)
    chartkick (3.4.0)
    childprocess (0.9.0)
      ffi (~> 1.0, >= 1.0.11)
    choice (0.2.0)
    ckeditor (5.1.0)
      orm_adapter (~> 0.5.0)
    client_side_validations (16.1.0)
      jquery-rails (~> 4.3)
      js_regex (~> 3.1)
      rails (>= 5.0.0.1, < 6.1)
    clipboard (1.3.3)
    clipboard-rails (1.7.1)
    cocoon (1.2.12)
    code (0.9.2)
      coderay (~> 1.1)
      method_source (~> 0.9)
    codemirror-rails (5.16.0)
      railties (>= 3.0, < 6.0)
    coderay (1.1.2)
    coffee-rails (4.2.2)
      coffee-script (>= 2.2.0)
      railties (>= 4.0.0)
    coffee-script (2.4.1)
      coffee-script-source
      execjs
    coffee-script-source (1.12.2)
    colorize (0.8.1)
    commontator (6.3.0)
      rails (>= 5.2)
      will_paginate
    concurrent-ruby (1.1.9)
    connection_pool (2.2.2)
    countries (2.1.4)
      i18n_data (~> 0.8.0)
      money (~> 6.9)
      sixarm_ruby_unaccent (~> 1.1)
      unicode_utils (~> 1.4)
    country_select (3.1.1)
      countries (~> 2.0)
      sort_alphabetical (~> 1.0)
    crack (0.4.3)
      safe_yaml (~> 1.0.0)
    crass (1.0.6)
    crowdai_admin (1.0.2)
      activeadmin (>= 1.1.0, < 2.0)
      font-awesome-rails (~> 4.7.0.4)
      jquery-rails
    csv (3.1.5)
    dalli (2.7.10)
    debugging (1.1.1)
      binding.repl (~> 3.0)
      paint (>= 0.9, < 3.0)
    derailed (0.1.0)
      derailed_benchmarks
    derailed_benchmarks (1.3.5)
      benchmark-ips (~> 2)
      get_process_mem (~> 0)
      heapy (~> 0)
      memory_profiler (~> 0)
      rack (>= 1)
      rake (> 10, < 13)
      thor (~> 0.19)
    device_detector (1.0.2)
    devise (4.7.1)
      bcrypt (~> 3.0)
      orm_adapter (~> 0.1)
      railties (>= 4.1.0)
      responders
      warden (~> 1.2.3)
    diff-lcs (1.3)
    docile (1.3.1)
    domain_name (0.5.20190701)
      unf (>= 0.0.5, < 1.0.0)
    doorkeeper (5.0.3)
      railties (>= 4.2)
    dry-inflector (0.1.2)
    errbase (0.1.1)
    erubi (1.10.0)
    et-orbi (1.2.2)
      tzinfo
    ethon (0.12.0)
      ffi (>= 1.3.0)
    every_day_irb (2.1.0)
      cd (~> 1.0)
    excon (0.71.0)
    execjs (2.7.0)
    factory_bot (4.11.1)
      activesupport (>= 3.0.0)
    factory_bot_rails (4.11.1)
      factory_bot (~> 4.11.1)
      railties (>= 3.0.0)
    fancy_irb (1.2.0)
      paint (>= 0.9, < 3.0)
      unicode-display_width (~> 1.1)
    faraday (1.0.0)
      multipart-post (>= 1.2, < 3)
    faraday_middleware (1.0.0)
      faraday (~> 1.0)
    ffaker (2.10.0)
    ffi (1.15.4)
    ffi-compiler (1.0.1)
      ffi (>= 1.0.0)
      rake
    figaro (1.1.1)
      thor (~> 0.14)
    file_validators (2.3.0)
      activemodel (>= 3.2)
      mime-types (>= 1.0)
    fission (0.5.0)
      CFPropertyList (~> 2.2)
    fog (1.41.0)
      fog-aliyun (>= 0.1.0)
      fog-atmos
      fog-aws (>= 0.6.0)
      fog-brightbox (~> 0.4)
      fog-cloudatcost (~> 0.1.0)
      fog-core (~> 1.45)
      fog-digitalocean (>= 0.3.0)
      fog-dnsimple (~> 1.0)
      fog-dynect (~> 0.0.2)
      fog-ecloud (~> 0.1)
      fog-google (<= 0.1.0)
      fog-internet-archive
      fog-joyent
      fog-json
      fog-local
      fog-openstack
      fog-powerdns (>= 0.1.1)
      fog-profitbricks
      fog-rackspace
      fog-radosgw (>= 0.0.2)
      fog-riakcs
      fog-sakuracloud (>= 0.0.4)
      fog-serverlove
      fog-softlayer
      fog-storm_on_demand
      fog-terremark
      fog-vmfusion
      fog-voxel
      fog-vsphere (>= 0.4.0)
      fog-xenserver
      fog-xml (~> 0.1.1)
      ipaddress (~> 0.5)
      json (>= 1.8, < 2.0)
    fog-aliyun (0.3.5)
      fog-core
      fog-json
      ipaddress (~> 0.8)
      xml-simple (~> 1.1)
    fog-atmos (0.1.0)
      fog-core
      fog-xml
    fog-aws (2.0.1)
      fog-core (~> 1.38)
      fog-json (~> 1.0)
      fog-xml (~> 0.1)
      ipaddress (~> 0.8)
    fog-brightbox (0.16.1)
      dry-inflector
      fog-core
      fog-json
      mime-types
    fog-cloudatcost (0.1.2)
      fog-core (~> 1.36)
      fog-json (~> 1.0)
      fog-xml (~> 0.1)
      ipaddress (~> 0.8)
    fog-core (1.45.0)
      builder
      excon (~> 0.58)
      formatador (~> 0.2)
    fog-digitalocean (0.4.0)
      fog-core
      fog-json
      fog-xml
      ipaddress (>= 0.5)
    fog-dnsimple (1.0.0)
      fog-core (~> 1.38)
      fog-json (~> 1.0)
    fog-dynect (0.0.3)
      fog-core
      fog-json
      fog-xml
    fog-ecloud (0.3.0)
      fog-core
      fog-xml
    fog-google (0.1.0)
      fog-core
      fog-json
      fog-xml
    fog-internet-archive (0.0.1)
      fog-core
      fog-json
      fog-xml
    fog-joyent (0.0.1)
      fog-core (~> 1.42)
      fog-json (>= 1.0)
    fog-json (1.2.0)
      fog-core
      multi_json (~> 1.10)
    fog-local (0.6.0)
      fog-core (>= 1.27, < 3.0)
    fog-openstack (0.3.10)
      fog-core (>= 1.45, <= 2.1.0)
      fog-json (>= 1.0)
      ipaddress (>= 0.8)
    fog-powerdns (0.2.0)
      fog-core
      fog-json
      fog-xml
    fog-profitbricks (4.1.1)
      fog-core (~> 1.42)
      fog-json (~> 1.0)
    fog-rackspace (0.1.6)
      fog-core (>= 1.35)
      fog-json (>= 1.0)
      fog-xml (>= 0.1)
      ipaddress (>= 0.8)
    fog-radosgw (0.0.5)
      fog-core (>= 1.21.0)
      fog-json
      fog-xml (>= 0.0.1)
    fog-riakcs (0.1.0)
      fog-core
      fog-json
      fog-xml
    fog-sakuracloud (1.7.5)
      fog-core
      fog-json
    fog-serverlove (0.1.2)
      fog-core
      fog-json
    fog-softlayer (1.1.4)
      fog-core
      fog-json
    fog-storm_on_demand (0.1.1)
      fog-core
      fog-json
    fog-terremark (0.1.0)
      fog-core
      fog-xml
    fog-vmfusion (0.1.0)
      fission
      fog-core
    fog-voxel (0.1.0)
      fog-core
      fog-xml
    fog-vsphere (3.2.1)
      fog-core
      rbvmomi (>= 1.9, < 3)
    fog-xenserver (1.0.0)
      fog-core
      fog-xml
      xmlrpc
    fog-xml (0.1.3)
      fog-core
      nokogiri (>= 1.5.11, < 2.0.0)
    font-awesome-rails (4.7.0.4)
      railties (>= 3.2, < 6.0)
    formatador (0.2.5)
    formtastic (3.1.5)
      actionpack (>= 3.2.13)
    formtastic_i18n (0.6.0)
    friendly_id (5.1.0)
      activerecord (>= 4.0.0)
    gemoji (3.0.1)
    gemoji-parser (1.3.1)
      gemoji (>= 2.1.0)
    geocoder (1.6.3)
    get_process_mem (0.2.3)
    gibbon (3.2.0)
      faraday (>= 0.9.1)
      multi_json (>= 1.11.0)
    gist (6.0.0)
    gitlab-styles (2.8.0)
      rubocop (~> 0.69.0)
      rubocop-gitlab-security (~> 0.1.0)
      rubocop-performance (~> 1.1.0)
      rubocop-rspec (~> 1.19)
    globalid (0.4.2)
      activesupport (>= 4.2.0)
    groupdate (4.1.2)
      activesupport (>= 4.2)
    guard (2.15.0)
      formatador (>= 0.2.4)
      listen (>= 2.7, < 4.0)
      lumberjack (>= 1.0.12, < 2.0)
      nenv (~> 0.1)
      notiffany (~> 0.0)
      pry (>= 0.9.12)
      shellany (~> 0.0)
      thor (>= 0.18.1)
    has_scope (0.7.2)
      actionpack (>= 4.1)
      activesupport (>= 4.1)
    hashdiff (1.0.1)
    hashie (3.6.0)
    heapy (0.1.4)
    hirb (0.7.3)
    htmlentities (4.3.4)
    http (4.4.1)
      addressable (~> 2.3)
      http-cookie (~> 1.0)
      http-form_data (~> 2.2)
      http-parser (~> 1.2.0)
    http-cookie (1.0.3)
      domain_name (~> 0.5)
    http-form_data (2.3.0)
    http-parser (1.2.1)
      ffi-compiler (>= 1.0, < 2.0)
    httparty (0.16.3)
      mime-types (~> 3.0)
      multi_xml (>= 0.5.2)
    i18n (1.8.11)
      concurrent-ruby (~> 1.0)
    i18n_data (0.8.0)
    image_optimizer (1.8.0)
    image_processing (1.7.1)
      mini_magick (~> 4.0)
      ruby-vips (>= 2.0.13, < 3)
    include_media_rails (1.4.9)
      railties (>= 3.1, < 6)
      sass (>= 3.3, < 4)
    inherited_resources (1.9.0)
      actionpack (>= 4.2, < 5.3)
      has_scope (~> 0.6)
      railties (>= 4.2, < 5.3)
      responders
    inline_svg (1.3.1)
      activesupport (>= 3.0)
      nokogiri (>= 1.6)
    interactive_editor (0.0.11)
      spoon (>= 0.0.1)
    ipaddress (0.8.3)
    irb (1.0.0)
    irbtools (3.0.0)
      binding.repl (~> 3.0)
      clipboard (~> 1.3)
      code (>= 0.9.2, < 2.0)
      coderay (~> 1.1)
      debugging (~> 1.1)
      every_day_irb (~> 2.0)
      fancy_irb (~> 1.1)
      hirb (~> 0.7, >= 0.7.3)
      interactive_editor (~> 0.0, >= 0.0.10)
      irb (>= 0.9.6)
      methodfinder (~> 2.2)
      object_shadow (~> 1.1)
      ori (~> 0.1.0)
      os
      paint (>= 0.9, < 3.0)
      ruby_engine (~> 1.0)
      ruby_info (~> 1.0)
      ruby_version (~> 1.0)
      wirb (~> 2.0)
    jaro_winkler (1.5.4)
    jbuilder (2.8.0)
      activesupport (>= 4.2.0)
      multi_json (>= 1.2)
    jmespath (1.4.0)
    jquery-atwho-rails (1.5.4)
    jquery-rails (4.3.3)
      rails-dom-testing (>= 1, < 3)
      railties (>= 4.2.0)
      thor (>= 0.14, < 2.0)
    jquery-ui-rails (6.0.1)
      railties (>= 3.2.16)
    js_regex (3.1.1)
      character_set (~> 1.1)
      regexp_parser (~> 1.1)
      regexp_property_values (~> 0.3)
    json (1.8.6)
    jsonapi-renderer (0.2.0)
    jwt (2.1.0)
    kaminari (1.2.1)
      activesupport (>= 4.1.0)
      kaminari-actionview (= 1.2.1)
      kaminari-activerecord (= 1.2.1)
      kaminari-core (= 1.2.1)
    kaminari-actionview (1.2.1)
      actionview
      kaminari-core (= 1.2.1)
    kaminari-activerecord (1.2.1)
      activerecord
      kaminari-core (= 1.2.1)
    kaminari-core (1.2.1)
    kramdown (2.3.0)
      rexml
    launchy (2.4.3)
      addressable (~> 2.3)
    letter_opener (1.7.0)
      launchy (~> 2.2)
    libv8 (7.3.492.27.1)
    listen (3.1.5)
      rb-fsevent (~> 0.9, >= 0.9.4)
      rb-inotify (~> 0.9, >= 0.9.7)
      ruby_dep (~> 1.2)
    local_time (2.1.0)
    lodash-rails (4.17.10)
      railties (>= 3.1)
    lol_dba (2.1.5)
      actionpack (>= 3.0)
      activerecord (>= 3.0)
      railties (>= 3.0)
    loofah (2.12.0)
      crass (~> 1.0.2)
      nokogiri (>= 1.5.9)
    lumberjack (1.0.13)
    mail (2.7.1)
      mini_mime (>= 0.1.1)
    marcel (0.3.3)
      mimemagic (~> 0.3.2)
    maxminddb (0.1.22)
    memory_profiler (0.9.12)
    merit (4.0.2)
      ambry (~> 1.0.0)
      zeitwerk
    meta_request (0.6.0)
      callsite (~> 0.0, >= 0.0.11)
      rack-contrib (>= 1.1, < 3)
      railties (>= 3.0.0, < 6)
    method_source (0.9.2)
    methodfinder (2.2.1)
    mime-types (3.3.1)
      mime-types-data (~> 3.2015)
    mime-types-data (3.2019.1009)
    mimemagic (0.3.10)
      nokogiri (~> 1)
      rake
    mini_magick (4.9.2)
    mini_mime (1.1.2)
    mini_portile2 (2.6.1)
    mini_racer (0.2.9)
      libv8 (>= 6.9.411)
    minitest (5.14.4)
    mixpanel-ruby (2.2.2)
    model_2_factory-rails (0.0.3)
      actionpack (>= 3.0)
      activesupport (>= 3.0)
      colorize
      railties (>= 3.0)
    momentjs-rails (2.20.1)
      railties (>= 3.1)
    money (6.13.1)
      i18n (>= 0.6.4, <= 2)
    multi_json (1.15.0)
    multi_xml (0.6.0)
    multipart-post (2.1.1)
    mustache (1.1.1)
    mustermann (1.0.3)
    nenv (0.3.0)
    net-ssh (5.0.2)
    nio4r (2.5.2)
    nokogiri (1.12.4)
      mini_portile2 (~> 2.6.1)
      racc (~> 1.4)
    nokogumbo (2.0.2)
      nokogiri (~> 1.8, >= 1.8.4)
    notiffany (0.1.1)
      nenv (~> 0.1)
      shellany (~> 0.0)
    oauth2 (1.4.4)
      faraday (>= 0.8, < 2.0)
      jwt (>= 1.0, < 3.0)
      multi_json (~> 1.3)
      multi_xml (~> 0.5)
      rack (>= 1.2, < 3)
    object_shadow (1.1.0)
    oj (3.7.4)
    omniauth (1.9.0)
      hashie (>= 3.4.6, < 3.7.0)
      rack (>= 1.6.2, < 3)
    omniauth-facebook (5.0.0)
      omniauth-oauth2 (~> 1.2)
    omniauth-github (1.4.0)
      omniauth (~> 1.5)
      omniauth-oauth2 (>= 1.4.0, < 2.0)
    omniauth-google-oauth2 (0.6.0)
      jwt (>= 2.0)
      omniauth (>= 1.1.1)
      omniauth-oauth2 (>= 1.5)
    omniauth-oauth2 (1.6.0)
      oauth2 (~> 1.1)
      omniauth (~> 1.9)
    omniauth-oauth2-generic (0.2.4)
      omniauth-oauth2 (~> 1.0)
    onebox (2.1.5)
      addressable (~> 2.7.0)
      htmlentities (~> 4.3)
      multi_json (~> 1.11)
      mustache
      nokogiri (~> 1.7)
      sanitize
    optimist (3.0.0)
    ori (0.1.0)
    orm_adapter (0.5.0)
    os (1.0.1)
    paint (2.1.1)
    paper_trail (10.3.1)
      activerecord (>= 4.2)
      request_store (~> 1.1)
    parallel (1.12.1)
    parallel_tests (2.27.0)
      parallel
    parser (2.7.0.2)
      ast (~> 2.4.0)
    pg (1.1.3)
    popper_js (1.16.0)
    pretender (0.3.4)
      actionpack (>= 4.2)
    prometheus-client (0.8.0)
      quantile (~> 0.2.1)
    pry (0.12.2)
      coderay (~> 1.1.0)
      method_source (~> 0.9.0)
    pry-byebug (3.6.0)
      byebug (~> 10.0)
      pry (~> 0.10)
    public_suffix (4.0.6)
    puma (4.3.5)
      nio4r (~> 2.0)
    puma_worker_killer (0.3.1)
      get_process_mem (~> 0.2)
      puma (>= 2.7)
    pundit (1.1.0)
      activesupport (>= 3.0.0)
    quantile (0.2.1)
    racc (1.6.0)
    rack (2.2.3)
    rack-contrib (2.1.0)
      rack (~> 2.0)
    rack-cors (1.0.5)
      rack (>= 1.6.0)
    rack-protection (2.0.4)
      rack
    rack-proxy (0.7.0)
      rack
    rack-test (1.1.0)
      rack (>= 1.0, < 3)
    rails (5.2.2.1)
      actioncable (= 5.2.2.1)
      actionmailer (= 5.2.2.1)
      actionpack (= 5.2.2.1)
      actionview (= 5.2.2.1)
      activejob (= 5.2.2.1)
      activemodel (= 5.2.2.1)
      activerecord (= 5.2.2.1)
      activestorage (= 5.2.2.1)
      activesupport (= 5.2.2.1)
      bundler (>= 1.3.0)
      railties (= 5.2.2.1)
      sprockets-rails (>= 2.0.0)
    rails-controller-testing (1.0.4)
      actionpack (>= 5.0.1.x)
      actionview (>= 5.0.1.x)
      activesupport (>= 5.0.1.x)
    rails-dom-testing (2.0.3)
      activesupport (>= 4.2.0)
      nokogiri (>= 1.6)
    rails-erd (1.5.2)
      activerecord (>= 3.2)
      activesupport (>= 3.2)
      choice (~> 0.2.0)
      ruby-graphviz (~> 1.2)
    rails-html-sanitizer (1.4.2)
      loofah (~> 2.3)
    railties (5.2.2.1)
      actionpack (= 5.2.2.1)
      activesupport (= 5.2.2.1)
      method_source
      rake (>= 0.8.7)
      thor (>= 0.19.0, < 2.0)
    rainbow (3.0.0)
    rake (12.3.3)
    ransack (2.1.1)
      actionpack (>= 5.0)
      activerecord (>= 5.0)
      activesupport (>= 5.0)
      i18n
    rb-fsevent (0.10.3)
    rb-inotify (0.9.10)
      ffi (>= 0.5.0, < 2)
    rbtree3 (0.6.0)
    rbvmomi (2.2.0)
      builder (~> 3.0)
      json (>= 1.8)
      nokogiri (~> 1.5)
      optimist (~> 3.0)
    rdoc (4.3.0)
    react-rails (2.6.1)
      babel-transpiler (>= 0.7.0)
      connection_pool
      execjs
      railties (>= 3.2)
      tilt
    recaptcha (5.5.0)
      json
    redis (4.1.3)
    regexp_parser (1.3.0)
    regexp_property_values (0.3.5)
    remotipart (1.4.2)
    request_store (1.5.0)
      rack (>= 1.4)
    responders (2.4.0)
      actionpack (>= 4.2.0, < 5.3)
      railties (>= 4.2.0, < 5.3)
    rexml (3.2.5)
    rollbar (2.18.0)
      multi_json
    roo (2.7.1)
      nokogiri (~> 1)
      rubyzip (~> 1.1, < 2.0.0)
    rouge (3.3.0)
    rspec-core (3.9.2)
      rspec-support (~> 3.9.3)
    rspec-expectations (3.9.2)
      diff-lcs (>= 1.2.0, < 2.0)
      rspec-support (~> 3.9.0)
    rspec-kickstarter (1.0.2)
    rspec-mocks (3.9.1)
      diff-lcs (>= 1.2.0, < 2.0)
      rspec-support (~> 3.9.0)
    rspec-rails (4.0.1)
      actionpack (>= 4.2)
      activesupport (>= 4.2)
      railties (>= 4.2)
      rspec-core (~> 3.9)
      rspec-expectations (~> 3.9)
      rspec-mocks (~> 3.9)
      rspec-support (~> 3.9)
    rspec-support (3.9.3)
    rubocop (0.69.0)
      jaro_winkler (~> 1.5.1)
      parallel (~> 1.10)
      parser (>= 2.6)
      rainbow (>= 2.2.2, < 4.0)
      ruby-progressbar (~> 1.7)
      unicode-display_width (>= 1.4.0, < 1.7)
    rubocop-gitlab-security (0.1.1)
      rubocop (>= 0.51)
    rubocop-performance (1.1.0)
      rubocop (>= 0.67.0)
    rubocop-rspec (1.37.1)
      rubocop (>= 0.68.1)
    ruby-graphviz (1.2.4)
    ruby-progressbar (1.10.1)
    ruby-vips (2.1.4)
      ffi (~> 1.12)
    ruby_dep (1.5.0)
    ruby_engine (1.0.1)
    ruby_info (1.0.1)
    ruby_version (1.0.1)
    rubyzip (1.2.2)
    rufus-scheduler (3.4.2)
      et-orbi (~> 1.0)
    safe_yaml (1.0.5)
    safely_block (0.2.2)
      errbase (>= 0.1.1)
    sanitize (5.2.1)
      crass (~> 1.0.2)
      nokogiri (>= 1.8.0)
      nokogumbo (~> 2.0)
    sass (3.4.25)
    sass-rails (5.0.7)
      railties (>= 4.0.0, < 6)
      sass (~> 3.1)
      sprockets (>= 2.8, < 4.0)
      sprockets-rails (>= 2.0, < 4.0)
      tilt (>= 1.1, < 3)
    sassc (2.3.0)
      ffi (~> 1.9)
    sassc-rails (2.1.2)
      railties (>= 4.0.0)
      sassc (>= 2.0)
      sprockets (> 3.0)
      sprockets-rails
      tilt
    scenic (1.4.1)
      activerecord (>= 4.0.0)
      railties (>= 4.0.0)
    scss_lint (0.55.0)
      rake (>= 0.9, < 13)
      sass (~> 3.4.20)
    sdoc (0.4.2)
      json (~> 1.7, >= 1.7.7)
      rdoc (~> 4.0)
    seed_dump (3.3.1)
      activerecord (>= 4)
      activesupport (>= 4)
    select2-rails (4.0.3)
      thor (~> 0.14)
    selenium-webdriver (3.141.0)
      childprocess (~> 0.5)
      rubyzip (~> 1.2, >= 1.2.2)
    semantic_range (3.0.0)
    shellany (0.0.1)
    sidekiq (5.1.3)
      concurrent-ruby (~> 1.0)
      connection_pool (~> 2.2, >= 2.2.0)
      rack-protection (>= 1.5.0)
      redis (>= 3.3.5, < 5)
    sidekiq-cron (0.6.3)
      rufus-scheduler (>= 3.3.0)
      sidekiq (>= 4.2.1)
    sidekiq-failures (1.0.0)
      sidekiq (>= 4.0.0)
    sidekiq-history (0.0.9)
      sidekiq (>= 3.0.0)
    sidekiq-unique-jobs (6.0.20)
      concurrent-ruby (~> 1.0, >= 1.0.5)
      sidekiq (>= 4.0, < 7.0)
      thor (~> 0)
    simple_enum (2.3.2)
      activesupport (>= 4.0.0)
    simplecov (0.16.1)
      docile (~> 1.1)
      json (>= 1.8, < 3)
      simplecov-html (~> 0.10.0)
    simplecov-html (0.10.2)
    sinatra (2.0.4)
      mustermann (~> 1.0)
      rack (~> 2.0)
      rack-protection (= 2.0.4)
      tilt (~> 2.0)
    sixarm_ruby_unaccent (1.2.0)
    social-share-button (1.2.0)
      coffee-rails
    sort_alphabetical (1.1.0)
      unicode_utils (>= 1.2.2)
    spoon (0.0.6)
      ffi
    spring (2.0.2)
      activesupport (>= 4.2)
    sprockets (4.0.0.beta8)
      concurrent-ruby (~> 1.0)
      rack (> 1, < 3)
    sprockets-rails (3.2.1)
      actionpack (>= 4.0)
      activesupport (>= 4.0)
      sprockets (>= 3.0.0)
    ssrf_filter (1.0.7)
    stackprof (0.2.12)
    statsd-ruby (1.4.0)
    stringex (2.8.5)
    table_print (1.5.6)
    thor (0.20.3)
    thread_safe (0.3.6)
    tilt (2.0.9)
    timecop (0.9.1)
    turbolinks (5.2.0)
      turbolinks-source (~> 5.2)
    turbolinks-source (5.2.0)
    typhoeus (1.3.1)
      ethon (>= 0.9.0)
    tzinfo (1.2.9)
      thread_safe (~> 0.1)
    uglifier (4.1.20)
      execjs (>= 0.3.0, < 3)
    unf (0.1.4)
      unf_ext
    unf_ext (0.0.7.7)
    unicode-display_width (1.6.0)
    unicode_utils (1.4.0)
    uniform_notifier (1.14.0)
    valid_email2 (2.3.1)
      activemodel (>= 3.2)
      mail (~> 2.5)
    validate_url (1.0.2)
      activemodel (>= 3.0.0)
      addressable
    vcr (5.0.0)
    warden (1.2.8)
      rack (>= 2.0.6)
    web-console (3.7.0)
      actionview (>= 5.0)
      activemodel (>= 5.0)
      bindex (>= 0.4.0)
      railties (>= 5.0)
    webdrivers (4.1.2)
      nokogiri (~> 1.6)
      rubyzip (~> 1.0)
      selenium-webdriver (>= 3.0, < 4.0)
    webmock (3.8.3)
      addressable (>= 2.3.6)
      crack (>= 0.3.2)
      hashdiff (>= 0.4.0, < 2.0.0)
    webpacker (5.4.2)
      activesupport (>= 5.2)
      rack-proxy (>= 0.6.1)
      railties (>= 5.2)
      semantic_range (>= 2.3.0)
    websocket-driver (0.7.0)
      websocket-extensions (>= 0.1.0)
    websocket-extensions (0.1.5)
    will_paginate (3.3.0)
    wirb (2.1.2)
      paint (>= 0.9, < 3.0)
    xml-simple (1.1.5)
    xmlrpc (0.3.0)
    xpath (3.2.0)
      nokogiri (~> 1.8)
    zeitwerk (2.4.2)

PLATFORMS
  ruby

DEPENDENCIES
  ace-rails-ap
  active_model_serializers
  activeadmin (= 1.4.3)
  activeadmin-searchable_select
  activerecord-import
  ahoy_matey
  aicrowd_evaluations!
  airbrake
  airbrake-ruby
  authtrail
  aws-sdk (~> 2.2)
  barnes
  blazer
  bootstrap (~> 4.3.1)
  brakeman
  browser
  bullet
  byebug
  capybara
  capybara-screenshot
  carrierwave (~> 2.1)
  carrierwave-imageoptimizer
  chartkick
  ckeditor
  client_side_validations (~> 16.1)
  clipboard-rails
  cocoon
  codemirror-rails
  coffee-rails
  commontator
  country_select
  crowdai_admin
  csv
  dalli (~> 2.7, >= 2.7.10)
  derailed
  derailed_benchmarks
  devise (~> 4.7, >= 4.7.1)
  doorkeeper (~> 5.0.3)
  factory_bot_rails
  faraday (~> 1.0)
  faraday_middleware (~> 1.0)
  ffaker
  figaro
  file_validators
  fog
  font-awesome-rails
  friendly_id (~> 5.1.0)
  gemoji-parser
  geocoder
  gibbon
  gist
  gitlab-styles (~> 2.8)
  groupdate
  guard
  http
  httparty
  include_media_rails
  inline_svg
  irbtools
  jbuilder
  jquery-atwho-rails
  jquery-rails
  jquery-ui-rails
  kaminari
  kramdown
  launchy
  letter_opener
  local_time
  lodash-rails
  lol_dba
  loofah (>= 2.2.3)
  maxminddb
  merit
  meta_request
  mini_magick
  mini_racer
  mixpanel-ruby
  model_2_factory-rails
  momentjs-rails (~> 2.9)
  net-ssh
  nokogiri
  oauth2
  oj (~> 3.0)
  omniauth-facebook
  omniauth-github (>= 1.4.0)
  omniauth-google-oauth2
  omniauth-oauth2-generic
  onebox
  paper_trail (~> 10.3, >= 10.3.1)
  parallel_tests
  pg
  pretender
  prometheus-client
  pry-byebug
  puma (~> 4.3)
  puma_worker_killer
  pundit
  pundit-matchers!
  rack (>= 2.0.6)
  rack-cors
  rails (= 5.2.2.1)
  rails-assets-isInViewport!
  rails-assets-jQuery-File-Upload!
  rails-controller-testing
  rails-erd
  ransack
  react-rails
  recaptcha
  remotipart
  rollbar
  roo
  rouge
  rspec-kickstarter
  rspec-rails (~> 4.0, >= 4.0.1)
  rubyzip (~> 1.2.2)
  rufus-scheduler (~> 3.4.0)
  safely_block (~> 0.2.2)
  sanitize (~> 5.2)
  sass-rails
  scenic (~> 1.3)
  scss_lint
  sdoc (~> 0.4.0)
  seed_dump
  select2-rails
  selenium-webdriver
  sidekiq (~> 5.1.1)
  sidekiq-cron (~> 0.6.3)
  sidekiq-failures
  sidekiq-history
  sidekiq-unique-jobs (~> 6.0, >= 6.0.20)
  simple_enum
  simplecov
  sinatra (~> 2.0.2)
  social-share-button
  spring
  sprockets
  stackprof
  stringex
  table_print
  timecop
  turbolinks (~> 5.1)
  uglifier (~> 4.1.10)
  valid_email2
  validate_url
  vcr (~> 5.0)
  web-console
  webdrivers
  webmock (~> 3.7, >= 3.7.6)
  webpacker (~> 5.0)

RUBY VERSION
   ruby 2.5.5p157

BUNDLED WITH
   2.1.4
